GEM
  specs:
    activesupport (3.1.3)
      multi_json (~> 1.0)
    builder (3.0.0)
    crack (0.1.8)
    httparty (0.8.1)
      multi_json
      multi_xml
    i18n (0.6.0)
    json (1.6.4)
    jwt (0.1.4)
      json (>= 1.2.4)
    multi_json (1.0.4)
    multi_xml (0.4.1)
    pusher (0.8.3)
      crack (~> 0.1.0)
      multi_json (~> 1.0)
      ruby-hmac (~> 0.4.0)
      signature (~> 0.1.2)
    rack (1.3.6)
    rack-protection (1.1.4)
      rack
    ruby-hmac (0.4.0)
    signature (0.1.2)
      ruby-hmac
    sinatra (1.3.1)
      rack (>= 1.3.4, ~> 1.3)
      rack-protection (>= 1.1.2, ~> 1.1)
      tilt (>= 1.3.3, ~> 1.3)
    tilt (1.3.3)
    twilio-rb (2.1.3)
      activesupport (>= 3.0.0)
      builder (>= 2.1.2)
      httparty (>= 0.6.1)
      i18n (~> 0.5)
      jwt (>= 0.1.3)
      yajl-ruby (~> 1.0.0)
    yajl-ruby (1.0.0)

PLATFORMS
  ruby

DEPENDENCIES
  pusher
  sinatra
  twilio-rb
